PATH
  remote: .
  specs:
    assert_and_verify (0.1.0)
      test-unit (~> 3.2.0)

GEM
  remote: https://rubygems.org/
  specs:
    power_assert (1.1.3)
    rake (10.5.0)
    test-unit (3.2.8)
      power_assert

PLATFORMS
  ruby

DEPENDENCIES
  assert_and_verify!
  bundler (~> 1.16)
  rake (~> 10.0)

BUNDLED WITH
   1.16.2
